GEM
  remote: http://rubygems.org/
  specs:
    ZenTest (4.10.1)
    addressable (2.3.6)
    autotest (4.4.6)
      ZenTest (>= 4.4.1)
    autotest-growl (0.2.16)
    coderay (1.1.0)
    colored (1.2)
    columnize (0.8.9)
    command_line_reporter (3.3.2)
      colored (>= 1.2)
    debugger (1.6.8)
      columnize (>= 0.3.1)
      debugger-linecache (~> 1.2.0)
      debugger-ruby_core_source (~> 1.3.5)
    debugger-linecache (1.2.0)
    debugger-ruby_core_source (1.3.5)
    diff-lcs (1.2.5)
    faraday (0.9.0)
      multipart-post (>= 1.2, < 3)
    kata (1.6.1)
      command_line_reporter (>= 3.2.1)
      octokit
    method_source (0.8.2)
    multipart-post (2.0.0)
    octokit (3.3.0)
      sawyer (~> 0.5.3)
    pry (0.10.0)
      coderay (~> 1.1.0)
      method_source (~> 0.8.1)
      slop (~> 3.4)
    rspec (3.0.0)
      rspec-core (~> 3.0.0)
      rspec-expectations (~> 3.0.0)
      rspec-mocks (~> 3.0.0)
    rspec-autotest (1.0.0)
      rspec-core (>= 2.99.0.beta1, < 4.0.0)
    rspec-core (3.0.3)
      rspec-support (~> 3.0.0)
    rspec-expectations (3.0.3)
      diff-lcs (>= 1.2.0, < 2.0)
      rspec-support (~> 3.0.0)
    rspec-mocks (3.0.3)
      rspec-support (~> 3.0.0)
    rspec-support (3.0.3)
    sawyer (0.5.4)
      addressable (~> 2.3.5)
      faraday (~> 0.8, < 0.10)
    slop (3.6.0)

PLATFORMS
  ruby

DEPENDENCIES
  autotest
  autotest-growl
  debugger
  kata
  pry
  rspec
  rspec-autotest
